GEM
  remote: https://rubygems.org/
  specs:
    byebug (11.1.3)
    concurrent-ruby (1.1.10)
    faker (1.9.6)
      i18n (>= 0.7)
    i18n (1.10.0)
      concurrent-ruby (~> 1.0)

PLATFORMS
  x86_64-linux

DEPENDENCIES
  byebug (~> 11.1.1)
  faker (~> 1.9)

BUNDLED WITH
   2.3.14
